GEM
  remote: http://rubygems.org/
  specs:
    addressable (2.4.0)
    awesome_print (1.6.1)
    bond (0.5.1)
    byebug (8.2.2)
    coderay (1.1.1)
    colored (1.2)
    domain_name (0.5.20160309)
      unf (>= 0.0.5, < 1.0.0)
    faraday (0.9.2)
      multipart-post (>= 1.2, < 3)
    faraday-cookie_jar (0.0.6)
      faraday (>= 0.7.4)
      http-cookie (~> 1.0.0)
    faraday-encoding (0.0.2)
      faraday
    faraday-http-cache (1.2.2)
      faraday (~> 0.8)
    faraday_middleware (0.10.0)
      faraday (>= 0.7.4, < 0.10)
    fastimage (1.8.1)
      addressable (~> 2.3, >= 2.3.5)
    http-cookie (1.0.2)
      domain_name (~> 0.5)
    mechanize (2.7.4)
      domain_name (~> 0.5, >= 0.5.1)
      http-cookie (~> 1.0)
      mime-types (>= 1.17.2, < 3)
      net-http-digest_auth (~> 1.1, >= 1.1.1)
      net-http-persistent (~> 2.5, >= 2.5.2)
      nokogiri (~> 1.6)
      ntlm-http (~> 0.1, >= 0.1.1)
      webrobots (>= 0.0.9, < 0.2)
    metainspector (5.1.0)
      addressable (~> 2.4)
      faraday (~> 0.9)
      faraday-cookie_jar (~> 0.0)
      faraday-encoding (~> 0.0.2)
      faraday-http-cache (~> 1.2)
      faraday_middleware (~> 0.10)
      fastimage (~> 1.8.1)
      nesty (~> 1.0)
      nokogiri (~> 1.6)
    method_source (0.8.2)
    mime-types (2.99.1)
    mini_portile2 (2.0.0)
    multipart-post (2.0.0)
    nesty (1.0.2)
    net-http-digest_auth (1.4)
    net-http-persistent (2.9.4)
    nokogiri (1.6.7.2)
      mini_portile2 (~> 2.0.0.rc2)
    ntlm-http (0.1.1)
    rb-readline (0.5.3)
    ripl (0.7.1)
      bond (~> 0.5.1)
    ripl-auto_indent (0.1.5)
      coderay (>= 1.0.3)
      ripl (>= 0.3.1)
      ripl-multi_line (>= 0.2.3)
    ripl-color_streams (0.1.2)
      ripl (>= 0.2.8)
    ripl-irb (0.2.3)
      ripl (>= 0.2.5)
    ripl-multi_line (0.3.1)
      ripl (>= 0.3.6)
    ripl-play (0.2.1)
      ripl (>= 0.3.0)
    ripl-shell_commands (0.1.0)
      ripl (~> 0.3)
    unf (0.1.4)
      unf_ext
    unf_ext (0.0.7.2)
    webrobots (0.1.2)

PLATFORMS
  ruby

DEPENDENCIES
  awesome_print
  byebug
  colored
  mechanize
  metainspector
  method_source
  rb-readline
  ripl
  ripl-auto_indent
  ripl-color_streams
  ripl-irb
  ripl-multi_line
  ripl-play
  ripl-shell_commands

BUNDLED WITH
   1.11.2
